GEM
  remote: http://rubygems.org/
  specs:
    actionmailer (3.2.0)
      actionpack (= 3.2.0)
      mail (~> 2.4.0)
    actionpack (3.2.0)
      activemodel (= 3.2.0)
      activesupport (= 3.2.0)
      builder (~> 3.0.0)
      erubis (~> 2.7.0)
      journey (~> 1.0.0)
      rack (~> 1.4.0)
      rack-cache (~> 1.1)
      rack-test (~> 0.6.1)
      sprockets (~> 2.1.2)
    activeldap (1.0.9)
      activerecord
    activemodel (3.2.0)
      activesupport (= 3.2.0)
      builder (~> 3.0.0)
    activerecord (3.2.0)
      activemodel (= 3.2.0)
      activesupport (= 3.2.0)
      arel (~> 3.0.0)
      tzinfo (~> 0.3.29)
    activeresource (3.2.0)
      activemodel (= 3.2.0)
      activesupport (= 3.2.0)
    activesupport (3.2.0)
      i18n (~> 0.6)
      multi_json (~> 1.0)
    adhearsion (2.0.0.alpha3)
      activesupport (>= 3.0.10)
      adhearsion-loquacious (>= 1.9.0)
      bundler (>= 1.0.10)
      celluloid (>= 0.9.0)
      countdownlatch
      ffi (>= 1.0.11)
      future-resource (>= 0.0.2)
      girl_friday
      has-guarded-handlers (>= 1.1.0)
      i18n (>= 0.5.0)
      json
      logging (>= 1.6.1)
      pry
      punchblock (>= 0.9.1)
      rake
      ruby_speech (>= 0.4.0)
      thor
      uuid
    adhearsion-activerecord (0.1.0)
      activerecord
      adhearsion (>= 2.0.0.alpha1)
    adhearsion-asterisk (0.1.3)
      activesupport (>= 3.0.10)
      adhearsion (>= 2.0.0.alpha2)
    adhearsion-drb (0.1.0)
      activesupport (>= 3.0.10)
      adhearsion (>= 2.0.0.alpha1)
      i18n (>= 0.5.0)
    adhearsion-ldap (0.1.0)
      activeldap
      activesupport (>= 3.0.10)
      adhearsion (>= 2.0.0.alpha1)
    adhearsion-loquacious (1.9.2)
    adhearsion-rails (0.1.0)
      activesupport (>= 3.0.10)
      adhearsion (>= 2.0.0.alpha1)
      i18n (>= 0.5.0)
    airbrake (3.0.9)
      activesupport
      builder
    arel (3.0.2)
    bcrypt-ruby (3.0.1)
    blather (0.5.12)
      activesupport (>= 3.0.7)
      eventmachine (>= 0.12.6)
      niceogiri (>= 0.1.0)
      nokogiri (~> 1.4.0)
    builder (3.0.0)
    capistrano (2.11.1)
      highline
      net-scp (>= 1.0.0)
      net-sftp (>= 2.0.0)
      net-ssh (>= 2.0.14)
      net-ssh-gateway (>= 1.1.0)
    capistrano-ext (1.2.1)
      capistrano (>= 1.0.0)
    capybara (1.1.2)
      mime-types (>= 1.16)
      nokogiri (>= 1.3.3)
      rack (>= 1.0.0)
      rack-test (>= 0.5.4)
      selenium-webdriver (~> 2.0)
      xpath (~> 0.1.4)
    celluloid (0.9.0)
    childprocess (0.3.1)
      ffi (~> 1.0.6)
    chunky_png (1.2.5)
    coderay (1.0.5)
    coffee-rails (3.2.2)
      coffee-script (>= 2.2.0)
      railties (~> 3.2.0)
    coffee-script (2.2.0)
      coffee-script-source
      execjs
    coffee-script-source (1.2.0)
    compass (0.12.rc.1)
      chunky_png (~> 1.2)
      fssm (>= 0.2.7)
      sass (~> 3.1)
    compass-rails (1.0.0.rc.3)
      compass (~> 0.12.rc.0)
    connection_pool (0.1.0)
    countdownlatch (1.0.0)
    crack (0.3.1)
    cucumber (1.0.6)
      builder (>= 2.1.2)
      diff-lcs (>= 1.1.2)
      gherkin (~> 2.4.18)
      json (>= 1.4.6)
      term-ansicolor (>= 1.0.6)
    cucumber-rails (1.0.2)
      capybara (>= 1.0.0)
      cucumber (~> 1.0.0)
      nokogiri (>= 1.4.6)
    database_cleaner (0.7.1)
    declarative_authorization (0.5.5)
    devise (2.0.4)
      bcrypt-ruby (~> 3.0)
      orm_adapter (~> 0.0.3)
      railties (~> 3.1)
      warden (~> 1.1.1)
    diff-lcs (1.1.3)
    erubis (2.7.0)
    eventmachine (0.12.10)
    execjs (1.3.0)
      multi_json (~> 1.0)
    factory_girl (2.6.0)
      activesupport (>= 2.3.9)
    factory_girl_rails (1.7.0)
      factory_girl (~> 2.6.0)
      railties (>= 3.0.0)
    ffi (1.0.11)
    formtastic (2.1.0.rc)
      actionpack (~> 3.0)
    fssm (0.2.8.1)
    future-resource (0.0.2)
    gherkin (2.4.21)
      json (>= 1.4.6)
    girl_friday (0.9.7)
      connection_pool (~> 0.1.0)
    git (1.2.5)
    guard (1.0.0)
      ffi (>= 0.5.0)
      thor (~> 0.14.6)
    guard-bundler (0.1.3)
      bundler (>= 1.0.0)
      guard (>= 0.2.2)
    guard-test (0.4.3)
      guard (>= 0.4)
      test-unit (~> 2.2)
    haml (3.1.4)
    haml-rails (0.3.4)
      actionpack (~> 3.0)
      activesupport (~> 3.0)
      haml (~> 3.0)
      railties (~> 3.0)
    has-guarded-handlers (1.1.0)
    highline (1.6.11)
    hike (1.2.1)
    hpricot (0.8.6)
    i18n (0.6.0)
    jasmine (1.1.2)
      jasmine-core (>= 1.1.0)
      rack (>= 1.1)
      rspec (>= 1.3.1)
      selenium-webdriver (>= 0.1.3)
    jasmine-core (1.1.0)
    jasmine-headless-webkit (0.8.4)
      coffee-script
      jasmine-core (~> 1.1)
      multi_json
      rainbow
      sprockets (~> 2)
    jasmine-rails (0.0.3)
      jasmine
      jasmine-headless-webkit
      rails (>= 3.1.0)
    jeweler (1.8.3)
      bundler (~> 1.0)
      git (>= 1.2.5)
      rake
      rdoc
    journey (1.0.2)
    jquery-rails (2.0.0)
      railties (>= 3.2.0.beta, < 5.0)
      thor (~> 0.14)
    json (1.6.5)
    json_pure (1.6.5)
    little-plugger (1.1.3)
    logging (1.7.0)
      little-plugger (>= 1.1.3)
    macaddr (1.5.0)
      systemu (>= 2.4.0)
    mail (2.4.1)
      i18n (>= 0.4.0)
      mime-types (~> 1.16)
      treetop (~> 1.4.8)
    method_source (0.7.0)
    mime-types (1.17.2)
    multi_json (1.1.0)
    mysql (2.8.1)
    net-scp (1.0.4)
      net-ssh (>= 1.99.1)
    net-sftp (2.0.5)
      net-ssh (>= 2.0.9)
    net-ssh (2.3.0)
    net-ssh-gateway (1.1.0)
      net-ssh (>= 1.99.1)
    niceogiri (0.1.1)
      nokogiri (~> 1.4.6)
    nifty-generators (0.4.6)
    nokogiri (1.4.7)
    orm_adapter (0.0.6)
    pickler (0.2.1)
      crack (>= 0.1.8)
    polyglot (0.3.3)
    pry (0.9.8.2)
      coderay (~> 1.0.5)
      method_source (~> 0.7)
      slop (>= 2.4.4, < 3)
    punchblock (0.9.2)
      activesupport (>= 2.1.0)
      blather (>= 0.5.12)
      celluloid (>= 0.6.0)
      future-resource (>= 0.0.2)
      has-guarded-handlers (>= 0.1.0)
      niceogiri (>= 0.0.4)
      ruby_ami (>= 0.1.3)
      ruby_speech (>= 0.5.1)
      state_machine (>= 1.0.1)
    rack (1.4.1)
    rack-cache (1.1)
      rack (>= 0.4)
    rack-ssl (1.3.2)
      rack
    rack-test (0.6.1)
      rack (>= 1.0)
    rails (3.2.0)
      actionmailer (= 3.2.0)
      actionpack (= 3.2.0)
      activerecord (= 3.2.0)
      activeresource (= 3.2.0)
      activesupport (= 3.2.0)
      bundler (~> 1.0)
      railties (= 3.2.0)
    railties (3.2.0)
      actionpack (= 3.2.0)
      activesupport (= 3.2.0)
      rack-ssl (~> 1.3.2)
      rake (>= 0.8.7)
      rdoc (~> 3.4)
      thor (~> 0.14.6)
    rainbow (1.1.3)
    rak (1.4)
    rake (0.9.2.2)
    rdoc (3.12)
      json (~> 1.4)
    rspec (2.8.0)
      rspec-core (~> 2.8.0)
      rspec-expectations (~> 2.8.0)
      rspec-mocks (~> 2.8.0)
    rspec-core (2.8.0)
    rspec-expectations (2.8.0)
      diff-lcs (~> 1.1.2)
    rspec-mocks (2.8.0)
    rspec-rails (2.8.1)
      actionpack (>= 3.0)
      activesupport (>= 3.0)
      railties (>= 3.0)
      rspec (~> 2.8.0)
    ruby_ami (0.1.5)
      activesupport (>= 3.0.9)
      countdownlatch (>= 1.0.0)
      eventmachine
      future-resource
      girl_friday
      i18n
      uuidtools
    ruby_parser (2.3.1)
      sexp_processor (~> 3.0)
    ruby_speech (0.5.1)
      activesupport (>= 3.0.7)
      niceogiri (>= 0.1.1)
    rubyzip (0.9.6.1)
    rvm (1.9.2)
    sass (3.1.15)
    sass-rails (3.2.4)
      railties (~> 3.2.0)
      sass (>= 3.1.10)
      tilt (~> 1.3)
    selenium-webdriver (2.13.0)
      childprocess (>= 0.2.1)
      ffi (~> 1.0.9)
      json_pure
      rubyzip
    sexp_processor (3.0.10)
    shotgun (0.9)
      rack (>= 1.0)
    simple-navigation (3.7.0)
      activesupport (>= 2.3.2)
    simple_enum (1.4.1)
      activesupport (~> 3.0)
    slop (2.4.4)
    sprockets (2.1.2)
      hike (~> 1.2)
      rack (~> 1.0)
      tilt (~> 1.1, != 1.3.0)
    sqlite3 (1.3.5)
    sqlite3-ruby (1.3.3)
      sqlite3 (>= 1.3.3)
    state_machine (1.1.2)
    sys-filesystem (1.0.0)
      ffi (>= 1.0.0)
    systemu (2.4.2)
    term-ansicolor (1.0.7)
    test-unit (2.4.7)
    thor (0.14.6)
    tilt (1.3.3)
    treetop (1.4.10)
      polyglot
      polyglot (>= 0.3.1)
    tzinfo (0.3.31)
    uglifier (1.2.3)
      execjs (>= 0.3.0)
      multi_json (>= 1.0.2)
    uuid (2.3.5)
      macaddr (~> 1.0)
    uuidtools (2.1.2)
    warden (1.1.1)
      rack (>= 1.0)
    web-app-theme (0.7.0)
    webrat (0.7.3)
      nokogiri (>= 1.2.0)
      rack (>= 1.0)
      rack-test (>= 0.5.3)
    will_paginate (3.0.3)
    xpath (0.1.4)
      nokogiri (~> 1.3)

PLATFORMS
  ruby

DEPENDENCIES
  adhearsion (>= 2.0.0.alpha2)
  adhearsion-activerecord
  adhearsion-asterisk
  adhearsion-drb
  adhearsion-ldap
  adhearsion-rails
  airbrake
  capistrano
  capistrano-ext
  capybara
  coffee-rails (~> 3.2.1)
  compass-rails
  cucumber-rails (~> 1.0.0)
  database_cleaner
  declarative_authorization
  devise (>= 2.0)
  factory_girl_rails
  formtastic (~> 2.1rc)
  gherkin
  guard
  guard-bundler
  guard-test
  haml
  haml-rails
  hpricot
  jasmine-rails
  jeweler
  jquery-rails
  mysql
  nifty-generators
  nokogiri
  pickler
  rails (= 3.2)
  rak
  rspec-rails (~> 2.8.0)
  ruby_parser
  rvm
  sass-rails (~> 3.2.3)
  shotgun
  simple-navigation
  simple_enum
  sqlite3-ruby
  sys-filesystem
  uglifier (>= 1.0.3)
  web-app-theme (>= 0.6.2)
  webrat
  will_paginate (~> 3.0.3)
